GEM
  remote: http://railscamp.local/rubygems/
  specs:
    bindata (2.1.0)
    configatron (3.1.3)
    lifx (0.4.8)
      bindata (~> 2.0)
      configatron (~> 3.0)
      timers (~> 1.0)
    timers (1.1.0)

PLATFORMS
  ruby

DEPENDENCIES
  lifx
