GEM
  remote: http://railscamp.local/rubygems/
  specs:
    bindata (2.1.0)
    coderay (1.1.0)
    configatron (3.1.3)
    lifx (0.4.8)
      bindata (~> 2.0)
      configatron (~> 3.0)
      timers (~> 1.0)
    method_source (0.8.2)
    pry (0.9.12.6)
      coderay (~> 1.0)
      method_source (~> 0.8)
      slop (~> 3.4)
    slop (3.5.0)
    timers (1.1.0)

PLATFORMS
  ruby

DEPENDENCIES
  lifx
  pry
